GEM
  remote: http://rubygems.org/
  specs:
    bond (0.5.1)
    childprocess (0.5.8)
      ffi (~> 1.0, >= 1.0.11)
    data_uri (0.1.0)
    ffi (1.9.10)
    iniparse (1.4.1)
    mimemagic (0.3.1)
    multi_json (1.12.0)
    overcommit (0.29.1)
      childprocess (~> 0.5.6)
      iniparse (~> 1.4)
    powify (0.9.2)
    thor (0.19.1)

PLATFORMS
  ruby

DEPENDENCIES
  bundler
  overcommit
  powify

BUNDLED WITH
   1.12.3
