GEM
  remote: http://rubygems.org/
  specs:
    bond (0.5.1)
    iruby (0.2.7)
      bond (~> 0.5)
      mimemagic (~> 0.3)
      multi_json (~> 1.11)
      rbczmq (~> 1.7)
    mimemagic (0.3.0)
    multi_json (1.11.2)
    rbczmq (1.7.9)

PLATFORMS
  ruby

DEPENDENCIES
  bundler
  iruby

BUNDLED WITH
   1.10.6
