GEM
  remote: http://rubygems.org/
  specs:
    childprocess (0.5.8)
      ffi (~> 1.0, >= 1.0.11)
    ffi (1.9.10)
    foreman (0.78.0)
      thor (~> 0.19.1)
    iniparse (1.4.1)
    overcommit (0.29.1)
      childprocess (~> 0.5.6)
      iniparse (~> 1.4)
    powify (0.9.2)
    thor (0.19.1)

PLATFORMS
  ruby

DEPENDENCIES
  bundler
  foreman
  overcommit
  powify

BUNDLED WITH
   1.10.6
